GIT
  remote: https://github.com/pattex/jekyll-tagging.git
  revision: 76fbc51bc644c660144ed9f6a1b0a854b23ee0f8
  specs:
    jekyll-tagging (1.1.0)
      nuggets

GEM
  remote: http://rubygems.org/
  specs:
    addressable (2.5.0)
      public_suffix (~> 2.0, >= 2.0.2)
    classifier-reborn (2.1.0)
      fast-stemmer (~> 1.0)
    colorator (1.1.0)
    em-websocket (0.5.1)
      eventmachine (>= 0.12.9)
      http_parser.rb (~> 0.6.0)
    eventmachine (1.2.3)
    eventmachine (1.2.3-x64-mingw32)
    fast-stemmer (1.0.2)
    ffi (1.11.3)
    ffi (1.11.3-x64-mingw32)
    forwardable-extended (2.6.0)
    hawkins (2.0.5)
      em-websocket (~> 0.5)
      jekyll (~> 3.1)
    http_parser.rb (0.6.0)
    jekyll (3.3.1)
      addressable (~> 2.4)
      colorator (~> 1.0)
      jekyll-sass-converter (~> 1.0)
      jekyll-watch (~> 1.1)
      kramdown (~> 1.3)
      liquid (~> 3.0)
      mercenary (~> 0.3.3)
      pathutil (~> 0.9)
      rouge (~> 1.7)
      safe_yaml (~> 1.0)
    jekyll-feed (0.9.1)
      jekyll (~> 3.3)
    jekyll-paginate (1.1.0)
    jekyll-sass-converter (1.5.0)
      sass (~> 3.4)
    jekyll-seo-tag (2.1.0)
      jekyll (~> 3.3)
    jekyll-sitemap (1.0.0)
      jekyll (~> 3.3)
    jekyll-watch (1.5.0)
      listen (~> 3.0, < 3.1)
    kramdown (1.13.2)
    liquid (3.0.6)
    listen (3.0.8)
      rb-fsevent (~> 0.9, >= 0.9.4)
      rb-inotify (~> 0.9, >= 0.9.7)
    mercenary (0.3.6)
    nuggets (1.5.0)
    pathutil (0.14.0)
      forwardable-extended (~> 2.6)
    public_suffix (2.0.5)
    rb-fsevent (0.9.8)
    rb-inotify (0.9.8)
      ffi (>= 0.5.0)
    rouge (1.11.1)
    safe_yaml (1.0.4)
    sass (3.4.23)

PLATFORMS
  ruby
  x64-mingw32

DEPENDENCIES
  classifier-reborn
  hawkins
  jekyll (= 3.3.1)
  jekyll-feed
  jekyll-paginate
  jekyll-seo-tag
  jekyll-sitemap
  jekyll-tagging!

BUNDLED WITH
   1.13.7
